GIT
  remote: git://github.com/intridea/omniauth.git
  revision: 7d8aa725a1a48cfb09e4342cba7d7310490d56eb
  specs:
    omniauth (1.0.1)
      hashie (~> 1.2)
      rack

GIT
  remote: https://github.com/intridea/tweetstream.git
  revision: f58a22c3923371640c3206b8e63a39329cc82eee
  specs:
    tweetstream (1.1.3)
      daemons (~> 1.1)
      multi_json (~> 1.0)
      twitter-stream (= 0.1.14)

GEM
  remote: http://rubygems.org/
  specs:
    activemodel (3.1.3)
      activesupport (= 3.1.3)
      builder (~> 3.0.0)
      i18n (~> 0.6)
    activesupport (3.1.3)
      multi_json (~> 1.0)
    bson (1.5.1)
    bson_ext (1.5.1)
    builder (3.0.0)
    daemons (1.1.4)
    eventmachine (0.12.10)
    hashie (1.2.0)
    http_parser.rb (0.5.3)
    i18n (0.6.0)
    mongo (1.5.1)
      bson (= 1.5.1)
    mongo_mapper (0.10.1)
      activemodel (~> 3.0)
      activesupport (~> 3.0)
      plucky (~> 0.4.0)
    multi_json (1.0.4)
    plucky (0.4.3)
      mongo (~> 1.3)
    rack (1.3.5)
    rake (0.9.2.2)
    simple_oauth (0.1.5)
    twitter-stream (0.1.14)
      eventmachine (>= 0.12.8)
      http_parser.rb (~> 0.5.1)
      simple_oauth (~> 0.1.4)
    yajl-ruby (1.0.0)

PLATFORMS
  ruby

DEPENDENCIES
  bson_ext
  eventmachine
  mongo_mapper
  omniauth!
  rack
  rake
  tweetstream!
  yajl-ruby (= 1.0.0)
